GEM
  remote: https://rubygems.org/
  specs:
    haml (5.0.4)
      temple (>= 0.8.0)
      tilt
    temple (0.8.0)
    tilt (2.0.10)

PLATFORMS
  ruby

DEPENDENCIES
  haml

RUBY VERSION
   ruby 2.6.2p47

BUNDLED WITH
   1.17.3
